GEM
  remote: https://rubygems.org/
  specs:
    pg (0.15.1)
    tiny_tds (0.6.1)

PLATFORMS
  ruby

DEPENDENCIES
  pg
  tiny_tds
